NUGET
  remote: https://nuget.org/api/v2
  specs:
    FAKE (4.9.3)
    FSharp.Core (4.0.0.1)
    Newtonsoft.Json (7.0.1)
    Suave (0.33.0)
      FSharp.Core (>= 3.1.2.5)
